GEM
  remote: https://rubygems.org/
  specs:
    ffi (1.9.18)
    rb-fsevent (0.10.2)
    rb-inotify (0.9.10)
      ffi (>= 0.5.0, < 2)
    sass (3.5.1)
      sass-listen (~> 4.0.0)
    sass-globbing (1.1.5)
      sass (>= 3.1)
    sass-listen (4.0.0)
      rb-fsevent (~> 0.9, >= 0.9.4)
      rb-inotify (~> 0.9, >= 0.9.7)

PLATFORMS
  ruby

DEPENDENCIES
  sass
  sass-globbing

RUBY VERSION
   ruby 2.4.1p111

BUNDLED WITH
   1.15.4
